GIT
  remote: https://github.com/sunaku/rdiscount.git
  revision: df32724534bde580743591818a82d1304d285d7e
  specs:
    rdiscount (1.6.8)

GEM
  remote: https://rubygems.org/
  specs:
    RedCloth (4.2.9)
    ZURB-foundation (2.2.1.4)
      compass (>= 0.12.1)
    addressable (2.3.4)
    chunky_png (1.2.8)
    classifier (1.3.3)
      fast-stemmer (>= 1.0.0)
    colorator (0.1)
    commander (4.1.3)
      highline (~> 1.6.11)
    compass (0.12.2)
      chunky_png (~> 1.2)
      fssm (>= 0.2.7)
      sass (~> 3.1)
    directory_watcher (1.4.1)
    dotenv (0.7.0)
    excon (0.15.5)
    fast-stemmer (1.0.2)
    foreman (0.63.0)
      dotenv (>= 0.7)
      thor (>= 0.13.6)
    fssm (0.2.10)
    gemoji (1.4.0)
    haml (4.0.3)
      tilt
    heroku (2.28.15)
      heroku-api (~> 0.2.12)
      launchy (>= 0.3.2)
      netrc (~> 0.7.5)
      rest-client (~> 1.6.1)
      rubyzip
    heroku-api (0.2.13)
      excon (~> 0.15.4)
    highline (1.6.19)
    jekyll (1.0.2)
      classifier (~> 1.3)
      colorator (~> 0.1)
      commander (~> 4.1.3)
      directory_watcher (~> 1.4.1)
      kramdown (~> 1.0.2)
      liquid (~> 2.3)
      maruku (~> 0.5)
      pygments.rb (~> 0.5.0)
      safe_yaml (~> 0.7.0)
    kgio (2.8.0)
    kramdown (1.0.2)
    launchy (2.3.0)
      addressable (~> 2.3)
    liquid (2.5.0)
    maruku (0.6.1)
      syntax (>= 1.0.0)
    mime-types (1.23)
    netrc (0.7.7)
    posix-spawn (0.3.6)
    pygments.rb (0.5.0)
      posix-spawn (~> 0.3.6)
      yajl-ruby (~> 1.1.0)
    rack (1.5.2)
    rack-jekyll (0.4.1)
      jekyll (>= 0.12.0, < 2.0)
      rack (~> 1.5.0)
    raindrops (0.11.0)
    rest-client (1.6.7)
      mime-types (>= 1.16)
    rubyzip (0.9.9)
    safe_yaml (0.7.1)
    sass (3.2.9)
    syntax (1.0.0)
    thor (0.18.1)
    tilt (1.4.1)
    unicorn (4.3.1)
      kgio (~> 2.6)
      rack
      raindrops (~> 0.7)
    yajl-ruby (1.1.0)

PLATFORMS
  ruby

DEPENDENCIES
  RedCloth
  ZURB-foundation
  compass
  foreman
  gemoji
  haml
  heroku (~> 2.28.7)
  jekyll (~> 1.0.0)
  rack-jekyll (~> 0.4.1)
  rdiscount!
  sass
  unicorn (~> 4.3.1)
